{
  "Modality": "MR",
  "MagneticFieldStrength": 3,
  "ImagingFrequency": 123.256,
  "Manufacturer": "Siemens",
  "ManufacturersModelName": "TrioTim",
  "InstitutionName": "Brigham_Young_University",
  "InstitutionalDepartmentName": "MRI",
  "InstitutionAddress": "University_Pkwy_1700_North_685_Provo_UT_US_84601",
  "DeviceSerialNumber": "35002",
  "StationName": "MININT-E41B04",
  "PatientPosition": "HFS",
  "ProcedureStepDescription": "Research_KIRWAN",
  "SoftwareVersions": "syngo_MR_B17",
  "MRAcquisitionType": "2D",
  "SeriesDescription": "EPI_Run_1",
  "ProtocolName": "EPI_Run_1",
  "ScanningSequence": "EP",
  "SequenceVariant": "SK",
  "ScanOptions": "FS",
  "SequenceName": "epfid2d1_64",
  "ImageType": [
    "ORIGINAL",
    "PRIMARY",
    "M",
    "ND",
    "MOSAIC"
  ],
  "SeriesNumber": 3,
  "AcquisitionTime": "11:09:9.405000",
  "AcquisitionNumber": 1,
  "SliceThickness": 3,
  "SpacingBetweenSlices": 3,
  "SAR": 0.158184,
  "EchoTime": 0.028,
  "RepetitionTime": 2,
  "FlipAngle": 90,
  "PartialFourier": 1,
  "BaseResolution": 64,
  "ShimSetting": [
    -2610,
    -23074,
    2562,
    790,
    269,
    132,
    -394,
    99
  ],
  "TxRefAmp": 324.335,
  "PhaseResolution": 1,
  "ReceiveCoilName": "HeadMatrix",
  "CoilString": "T:HEA;HEP",
  "PulseSequenceDetails": "%CustomerSeq%_ep2d_bold_PMU",
  "RefLinesPE": 24,
  "PercentPhaseFOV": 100,
  "PhaseEncodingSteps": 63,
  "AcquisitionMatrixPE": 64,
  "ReconMatrixPE": 64,
  "BandwidthPerPixelPhaseEncode": 72.674,
  "ParallelReductionFactorInPlane": 2,
  "EffectiveEchoSpacing": 0.000215001,
  "DerivedVendorReportedEchoSpacing": 0.000430002,
  "TotalReadoutTime": 0.0135451,
  "PixelBandwidth": 2894,
  "DwellTime": 2.7e-06,
  "PhaseEncodingDirection": "j-",
  "SliceTiming": [
    1.0025,
    0,
    1.0525,
    0.05,
    1.1025,
    0.1,
    1.1525,
    0.15,
    1.2025,
    0.2,
    1.2525,
    0.25,
    1.305,
    0.3,
    1.355,
    0.35,
    1.405,
    0.4,
    1.455,
    0.45,
    1.505,
    0.5,
    1.555,
    0.55,
    1.605,
    0.6,
    1.655,
    0.6525,
    1.705,
    0.7025,
    1.755,
    0.7525,
    1.805,
    0.8025,
    1.855,
    0.8525,
    1.905,
    0.9025,
    1.9575,
    0.9525
  ],
  "ImageOrientationPatientDICOM": [
    1,
    0,
    0,
    0,
    0.971961,
    -0.235142
  ],
  "InPlanePhaseEncodingDirectionDICOM": "COL",
  "ConversionSoftware": "dcm2niix",
  "ConversionSoftwareVersion": "v1.0.20190902",
  "TaskName": "RSE1"
}
